GEM
  remote: https://rubygems.org/
  specs:
    activemodel (3.2.21)
      activesupport (= 3.2.21)
      builder (~> 3.0.0)
    activesupport (3.2.21)
      i18n (~> 0.6, >= 0.6.4)
      multi_json (~> 1.0)
    bson (1.11.1)
    builder (3.0.4)
    i18n (0.7.0)
    mongo (1.11.1)
      bson (= 1.11.1)
    mongoid (2.8.1)
      activemodel (~> 3.1)
      mongo (~> 1.9)
      tzinfo (~> 0.3.22)
    multi_json (1.10.1)
    tzinfo (0.3.42)
    yajl-ruby (1.2.1)

PLATFORMS
  ruby

DEPENDENCIES
  mongo (~> 1.11.1)
  mongoid (~> 2.8)
  yajl-ruby (~> 1.2.1)
